GEM
  remote: http://rubygems.org/
  specs:
    daemons (1.1.0)
    eventmachine (0.12.10)
    git-hub (1.5.0)
    mechanize (1.0.0)
      nokogiri (>= 1.2.1)
    nokogiri (1.4.4)
    pit (0.0.6)
    rack (1.2.1)
    rak (1.0)
    reposh (0.1.10)
    rsdl (0.1.4)
    rubysdl (2.1.1)
    shotgun (0.8)
      rack (>= 1.0)
    sinatra (1.1.2)
      rack (~> 1.1)
      tilt (~> 1.2)
    thin (1.2.7)
      daemons (>= 1.0.9)
      eventmachine (>= 0.12.6)
      rack (>= 1.0.0)
    tilt (1.2.2)

PLATFORMS
  ruby

DEPENDENCIES
  git-hub
  mechanize
  pit
  rak
  reposh
  rsdl
  rubysdl
  shotgun
  sinatra
  thin
